GIT
  remote: https://github.com/NickTomlin/quote-tag.git
  revision: 090d534ccf1dbd783a344967e0e7ac5d6a1e71f3
  branch: master
  specs:
    octopress-quote-tag (2.0.0)
      jekyll
      rubypants

GIT
  remote: https://github.com/andrewdavidbell/linkblog.git
  revision: db3287fc3b454046986a7f22112185e9d604795b
  branch: jekyll3
  specs:
    octopress-linkblog (3.0.0)
      jekyll (>= 3.0.0.a, < 4)
      titlecase

GIT
  remote: https://github.com/iphoting/ink.git
  revision: a81b195c11824f1539915138a99047df1b5b1282
  branch: jekyll-3
  specs:
    octopress-ink (1.2.1)
      jekyll (>= 2.0)
      octopress (~> 3.0)
      octopress-autoprefixer
      octopress-date-format
      octopress-filters (~> 1.1)
      octopress-hooks (~> 2.2)
      octopress-include-tag (~> 1.0)
      uglifier (~> 2.5)

GIT
  remote: https://github.com/mkleucker/codefence.git
  revision: 1ff084fe35c8c8f68732065407a1a93d70d585af
  branch: fix-warning-deprecated
  specs:
    octopress-codefence (1.7.0)
      jekyll (~> 3.0)
      octopress-code-highlighter (~> 4.2)

GIT
  remote: https://github.com/randycoulman/code-highlighter.git
  revision: 22d6e0afb9cbbe174640444da9382f9cd7aae474
  branch: handle-multiline-spans
  specs:
    octopress-code-highlighter (4.3.0)
      jekyll (~> 3.0)

GEM
  remote: https://rubygems.org/
  specs:
    addressable (2.5.1)
      public_suffix (~> 2.0, >= 2.0.2)
    autoprefixer-rails (7.1.2.6)
      execjs
    colorator (1.1.0)
    execjs (2.7.0)
    ffi (1.9.18)
    forwardable-extended (2.6.0)
    jekyll (3.5.2)
      addressable (~> 2.4)
      colorator (~> 1.0)
      jekyll-sass-converter (~> 1.0)
      jekyll-watch (~> 1.1)
      kramdown (~> 1.3)
      liquid (~> 4.0)
      mercenary (~> 0.3.3)
      pathutil (~> 0.9)
      rouge (~> 1.7)
      safe_yaml (~> 1.0)
    jekyll-paginate (1.1.0)
    jekyll-redirect-from (0.12.1)
      jekyll (~> 3.3)
    jekyll-sass-converter (1.5.0)
      sass (~> 3.4)
    jekyll-sitemap (1.1.1)
      jekyll (~> 3.3)
    jekyll-watch (1.5.0)
      listen (~> 3.0, < 3.1)
    json (2.1.0)
    kramdown (1.14.0)
    liquid (4.0.0)
    listen (3.0.8)
      rb-fsevent (~> 0.9, >= 0.9.4)
      rb-inotify (~> 0.9, >= 0.9.7)
    mercenary (0.3.6)
    octopress (3.0.11)
      jekyll (>= 2.0)
      mercenary (~> 0.3.2)
      octopress-deploy
      octopress-escape-code (~> 2.0)
      octopress-hooks (~> 2.0)
      redcarpet (~> 3.0)
      titlecase
    octopress-autoprefixer (2.0.1)
      autoprefixer-rails
      jekyll (~> 3.0)
    octopress-codeblock (1.0.5)
      octopress-code-highlighter (~> 4.2)
    octopress-date-format (3.0.3)
      jekyll (>= 2.0)
    octopress-deploy (1.3.0)
      colorator
    octopress-escape-code (2.1.1)
      jekyll (~> 3.0)
    octopress-filters (1.4.0)
      jekyll
      octopress-hooks (~> 2.0)
      rubypants-unicode
      titlecase
    octopress-hooks (2.6.2)
      jekyll (>= 2.0)
    octopress-image-tag (1.1.0)
      jekyll
    octopress-include-tag (1.1.3)
      jekyll (>= 2.0)
      octopress-tag-helpers (~> 1.0)
    octopress-solarized (1.1.2)
      octopress-ink (~> 1.0)
    octopress-tag-helpers (1.0.8)
      jekyll (>= 2.0)
    pathutil (0.14.0)
      forwardable-extended (~> 2.6)
    public_suffix (2.0.5)
    rb-fsevent (0.10.2)
    rb-inotify (0.9.10)
      ffi (>= 0.5.0, < 2)
    redcarpet (3.4.0)
    rouge (1.11.1)
    rubypants (0.6.0)
    rubypants-unicode (0.2.5)
    safe_yaml (1.0.4)
    sass (3.5.1)
      sass-listen (~> 4.0.0)
    sass-listen (4.0.0)
      rb-fsevent (~> 0.9, >= 0.9.4)
      rb-inotify (~> 0.9, >= 0.9.7)
    titlecase (0.1.1)
    uglifier (2.7.2)
      execjs (>= 0.3.0)
      json (>= 1.8.0)

PLATFORMS
  ruby

DEPENDENCIES
  jekyll
  jekyll-paginate
  jekyll-redirect-from
  jekyll-sitemap
  octopress
  octopress-code-highlighter!
  octopress-codeblock
  octopress-codefence!
  octopress-image-tag
  octopress-ink!
  octopress-linkblog!
  octopress-quote-tag!
  octopress-solarized

BUNDLED WITH
   1.15.3
